GEM
  remote: https://rubygems.org/
  specs:
    ansi (1.5.0)
    blankslate (2.1.2.4)
    builder (3.2.2)
    minitest (5.7.0)
    minitest-reporters (1.1.2)
      ansi
      builder
      minitest (>= 5.0)
      ruby-progressbar
    parslet (1.5.0)
      blankslate (~> 2.0)
    ruby-progressbar (1.7.5)

PLATFORMS
  ruby

DEPENDENCIES
  minitest
  minitest-reporters
  parslet

BUNDLED WITH
   1.10.3
